GEM
  remote: https://rubygems.org/
  specs:
    activemodel (7.0.3)
      activesupport (= 7.0.3)
    activerecord (7.0.3)
      activemodel (= 7.0.3)
      activesupport (= 7.0.3)
    activesupport (7.0.3)
      concurrent-ruby (~> 1.0, >= 1.0.2)
      i18n (>= 1.6, < 2)
      minitest (>= 5.1)
      tzinfo (~> 2.0)
    bulk_insert (1.9.0)
      activerecord (>= 3.2.0)
    coderay (1.1.3)
    concurrent-ruby (1.1.10)
    diffy (3.4.0)
    faker (2.10.2)
      i18n (>= 1.6, < 2)
    i18n (1.10.0)
      concurrent-ruby (~> 1.0)
    method_source (1.0.0)
    minitest (5.15.0)
    mysql2 (0.5.4)
    pry (0.14.1)
      coderay (~> 1.1)
      method_source (~> 1.0)
    ridgepole (1.0.4)
      activerecord (>= 5.1, < 7.1)
      diffy
    tzinfo (2.0.4)
      concurrent-ruby (~> 1.0)

PLATFORMS
  ruby

DEPENDENCIES
  activerecord
  bulk_insert
  faker (= 2.10.2)
  mysql2
  pry
  ridgepole

BUNDLED WITH
   2.2.22
