GIT
  remote: git://github.com/winebarrel/ridgepole.git
  revision: 59b03a27ef463ffe3fcbef6ac8d528b6f9f6b1d7
  branch: 0.7
  specs:
    ridgepole (0.7.2.beta)
      activerecord (>= 5.0.1, < 6)
      diffy

GEM
  remote: https://rubygems.org/
  specs:
    activemodel (5.1.5)
      activesupport (= 5.1.5)
    activerecord (5.1.5)
      activemodel (= 5.1.5)
      activesupport (= 5.1.5)
      arel (~> 8.0)
    activesupport (5.1.5)
      concurrent-ruby (~> 1.0, >= 1.0.2)
      i18n (~> 0.7)
      minitest (~> 5.1)
      tzinfo (~> 1.1)
    arel (8.0.0)
    bulk_insert (1.6.0)
      activerecord (>= 4.1.0)
    concurrent-ruby (1.0.5)
    diffy (3.2.0)
    faker (1.8.7)
      i18n (>= 0.7)
    i18n (0.9.5)
      concurrent-ruby (~> 1.0)
    minitest (5.11.3)
    mysql2 (0.4.10)
    thread_safe (0.3.6)
    tzinfo (1.2.5)
      thread_safe (~> 0.1)

PLATFORMS
  ruby

DEPENDENCIES
  activerecord
  bulk_insert
  faker
  mysql2 (< 0.5)
  ridgepole!

BUNDLED WITH
   1.16.1
